PATH
  remote: .
  specs:
    github_flow_cli (0.1.0)
      thor

GEM
  remote: https://rubygems.org/
  specs:
    rake (10.5.0)
    thor (0.20.0)

PLATFORMS
  ruby

DEPENDENCIES
  bundler (~> 1.16)
  github_flow_cli!
  rake (~> 10.0)

BUNDLED WITH
   1.16.0
